GEM
  remote: https://rubygems.org/
  specs:
    ProMotion (1.1.2)
      methadone
    bubble-wrap (1.6.0)
      bubble-wrap-http (= 1.6.0)
    bubble-wrap-http (1.6.0)
    methadone (1.4.0)
      bundler
    rake (10.3.1)

PLATFORMS
  ruby

DEPENDENCIES
  ProMotion (~> 1.1.0)
  bubble-wrap
  rake
